PATH
  remote: .
  specs:
    xmlsec (0.0.7)

GEM
  remote: http://rubygems.org/
  specs:
    diff-lcs (1.2.5)
    mini_portile (0.6.1)
    nokogiri (1.6.4.1)
      mini_portile (~> 0.6.0)
    rake (10.3.2)
    rake-compiler (0.9.3)
      rake
    rspec (3.1.0)
      rspec-core (~> 3.1.0)
      rspec-expectations (~> 3.1.0)
      rspec-mocks (~> 3.1.0)
    rspec-core (3.1.7)
      rspec-support (~> 3.1.0)
    rspec-expectations (3.1.2)
      diff-lcs (>= 1.2.0, < 2.0)
      rspec-support (~> 3.1.0)
    rspec-mocks (3.1.3)
      rspec-support (~> 3.1.0)
    rspec-support (3.1.2)

PLATFORMS
  ruby

DEPENDENCIES
  nokogiri (~> 1.6.4.1)
  rake (~> 10.3.2)
  rake-compiler (~> 0.9.3)
  rspec (~> 3.1.0)
  xmlsec!
